GIT
  remote: git://github.com/refile/refile-mini_magick.git
  revision: 466e30cf5878844b0e0bc4588f766bb18dabdd2b
  specs:
    refile-mini_magick (0.2.0)
      image_processing (~> 1.1)
      mini_magick (~> 4.0)
      refile (~> 0.6)

GIT
  remote: git://github.com/refile/refile.git
  revision: 47778bdfceb81dc34f348a050232e7ab70a85e44
  specs:
    refile (0.6.2)
      mime-types
      rest-client (>= 1.8, < 3.0)
      sinatra (>= 2.0.0, <= 3.0.0)

GIT
  remote: git://github.com/sinatra/sinatra.git
  revision: b801c6b76b89eb071e2b01700273054bbe8aae05
  branch: master
  specs:
    rack-protection (2.0.3)
      rack
    sinatra (2.0.3)
      mustermann (~> 1.0)
      rack (~> 2.0)
      rack-protection (= 2.0.3)
      tilt (~> 2.0)

PATH
  remote: .
  specs:
    cohesive_admin (0.0.2)
      aws-sdk-rails (~> 2.0)
      bcrypt-ruby (~> 3.1.5)
      coffee-rails
      compass-rails (>= 3.0)
      jquery-rails
      jquery-ui-rails
      kaminari (~> 0.17)
      materialize-sass (~> 0.100.2)
      puma
      rails (~> 5.0)
      sass-rails
      simple_form (>= 3.1)
      turbolinks

GEM
  remote: https://rubygems.org/
  specs:
    actioncable (5.2.1)
      actionpack (= 5.2.1)
      nio4r (~> 2.0)
      websocket-driver (>= 0.6.1)
    actionmailer (5.2.1)
      actionpack (= 5.2.1)
      actionview (= 5.2.1)
      activejob (= 5.2.1)
      mail (~> 2.5, >= 2.5.4)
      rails-dom-testing (~> 2.0)
    actionpack (5.2.1)
      actionview (= 5.2.1)
      activesupport (= 5.2.1)
      rack (~> 2.0)
      rack-test (>= 0.6.3)
      rails-dom-testing (~> 2.0)
      rails-html-sanitizer (~> 1.0, >= 1.0.2)
    actionview (5.2.1)
      activesupport (= 5.2.1)
      builder (~> 3.1)
      erubi (~> 1.4)
      rails-dom-testing (~> 2.0)
      rails-html-sanitizer (~> 1.0, >= 1.0.3)
    activejob (5.2.1)
      activesupport (= 5.2.1)
      globalid (>= 0.3.6)
    activemodel (5.2.1)
      activesupport (= 5.2.1)
    activerecord (5.2.1)
      activemodel (= 5.2.1)
      activesupport (= 5.2.1)
      arel (>= 9.0)
    activestorage (5.2.1)
      actionpack (= 5.2.1)
      activerecord (= 5.2.1)
      marcel (~> 0.3.1)
    activesupport (5.2.1)
      concurrent-ruby (~> 1.0, >= 1.0.2)
      i18n (>= 0.7, < 2)
      minitest (~> 5.1)
      tzinfo (~> 1.1)
    arel (9.0.0)
    aws-eventstream (1.0.1)
    aws-partitions (1.104.0)
    aws-sdk-core (3.27.0)
      aws-eventstream (~> 1.0)
      aws-partitions (~> 1.0)
      aws-sigv4 (~> 1.0)
      jmespath (~> 1.0)
    aws-sdk-rails (2.0.1)
      aws-sdk-ses (~> 1)
      railties (>= 3)
    aws-sdk-ses (1.10.0)
      aws-sdk-core (~> 3, >= 3.26.0)
      aws-sigv4 (~> 1.0)
    aws-sigv4 (1.0.3)
    bcrypt (3.1.12)
    bcrypt-ruby (3.1.5)
      bcrypt (>= 3.1.3)
    bindex (0.5.0)
    builder (3.2.3)
    chunky_png (1.3.10)
    coffee-rails (4.2.2)
      coffee-script (>= 2.2.0)
      railties (>= 4.0.0)
    coffee-script (2.4.1)
      coffee-script-source
      execjs
    coffee-script-source (1.12.2)
    compass (1.0.3)
      chunky_png (~> 1.2)
      compass-core (~> 1.0.2)
      compass-import-once (~> 1.0.5)
      rb-fsevent (>= 0.9.3)
      rb-inotify (>= 0.9)
      sass (>= 3.3.13, < 3.5)
    compass-core (1.0.3)
      multi_json (~> 1.0)
      sass (>= 3.3.0, < 3.5)
    compass-import-once (1.0.5)
      sass (>= 3.2, < 3.5)
    compass-rails (3.1.0)
      compass (~> 1.0.0)
      sass-rails (< 5.1)
      sprockets (< 4.0)
    concurrent-ruby (1.0.5)
    crass (1.0.4)
    domain_name (0.5.20180417)
      unf (>= 0.0.5, < 1.0.0)
    down (4.5.0)
    erubi (1.7.1)
    execjs (2.7.0)
    fastimage (2.1.4)
    ffi (1.9.25)
    globalid (0.4.1)
      activesupport (>= 4.2.0)
    http-cookie (1.0.3)
      domain_name (~> 0.5)
    i18n (1.1.0)
      concurrent-ruby (~> 1.0)
    image_processing (1.6.0)
      mini_magick (~> 4.0)
      ruby-vips (>= 2.0.11, < 3)
    jmespath (1.4.0)
    jquery-rails (4.3.3)
      rails-dom-testing (>= 1, < 3)
      railties (>= 4.2.0)
      thor (>= 0.14, < 2.0)
    jquery-ui-rails (6.0.1)
      railties (>= 3.2.16)
    kaminari (0.17.0)
      actionpack (>= 3.0.0)
      activesupport (>= 3.0.0)
    loofah (2.2.2)
      crass (~> 1.0.2)
      nokogiri (>= 1.5.9)
    mail (2.7.0)
      mini_mime (>= 0.1.1)
    marcel (0.3.2)
      mimemagic (~> 0.3.2)
    materialize-sass (0.100.2)
      sass (~> 3.3)
    method_source (0.9.0)
    mime-types (3.2.2)
      mime-types-data (~> 3.2015)
    mime-types-data (3.2018.0812)
    mimemagic (0.3.2)
    mini_magick (4.8.0)
    mini_mime (1.0.1)
    mini_portile2 (2.3.0)
    minitest (5.11.3)
    multi_json (1.13.1)
    mustermann (1.0.3)
    netrc (0.11.0)
    nio4r (2.3.1)
    nokogiri (1.8.4)
      mini_portile2 (~> 2.3.0)
    puma (3.12.0)
    rack (2.0.6)
    rack-test (1.1.0)
      rack (>= 1.0, < 3)
    rails (5.2.1)
      actioncable (= 5.2.1)
      actionmailer (= 5.2.1)
      actionpack (= 5.2.1)
      actionview (= 5.2.1)
      activejob (= 5.2.1)
      activemodel (= 5.2.1)
      activerecord (= 5.2.1)
      activestorage (= 5.2.1)
      activesupport (= 5.2.1)
      bundler (>= 1.3.0)
      railties (= 5.2.1)
      sprockets-rails (>= 2.0.0)
    rails-dom-testing (2.0.3)
      activesupport (>= 4.2.0)
      nokogiri (>= 1.6)
    rails-html-sanitizer (1.0.4)
      loofah (~> 2.2, >= 2.2.2)
    railties (5.2.1)
      actionpack (= 5.2.1)
      activesupport (= 5.2.1)
      method_source
      rake (>= 0.8.7)
      thor (>= 0.19.0, < 2.0)
    rake (12.3.1)
    rb-fsevent (0.10.3)
    rb-inotify (0.9.10)
      ffi (>= 0.5.0, < 2)
    rest-client (2.0.2)
      http-cookie (>= 1.0.2, < 2.0)
      mime-types (>= 1.16, < 4.0)
      netrc (~> 0.8)
    ruby-vips (2.0.13)
      ffi (~> 1.9)
    sass (3.4.25)
    sass-rails (5.0.7)
      railties (>= 4.0.0, < 6)
      sass (~> 3.1)
      sprockets (>= 2.8, < 4.0)
      sprockets-rails (>= 2.0, < 4.0)
      tilt (>= 1.1, < 3)
    shrine (2.12.0)
      down (~> 4.1)
    simple_form (4.0.1)
      actionpack (>= 5.0)
      activemodel (>= 5.0)
    sprockets (3.7.2)
      concurrent-ruby (~> 1.0)
      rack (> 1, < 3)
    sprockets-rails (3.2.1)
      actionpack (>= 4.0)
      activesupport (>= 4.0)
      sprockets (>= 3.0.0)
    sqlite3 (1.3.13)
    thor (0.20.0)
    thread_safe (0.3.6)
    tilt (2.0.8)
    turbolinks (5.2.0)
      turbolinks-source (~> 5.2)
    turbolinks-source (5.2.0)
    tzinfo (1.2.5)
      thread_safe (~> 0.1)
    unf (0.1.4)
      unf_ext
    unf_ext (0.0.7.5)
    web-console (3.7.0)
      actionview (>= 5.0)
      activemodel (>= 5.0)
      bindex (>= 0.4.0)
      railties (>= 5.0)
    websocket-driver (0.7.0)
      websocket-extensions (>= 0.1.0)
    websocket-extensions (0.1.3)

PLATFORMS
  ruby

DEPENDENCIES
  cohesive_admin!
  fastimage
  image_processing
  mini_magick
  rack (= 2.0.6)
  rails (>= 5.0)
  refile!
  refile-mini_magick!
  shrine (~> 2.2)
  sinatra!
  sqlite3
  web-console (>= 3.4)

BUNDLED WITH
   1.14.6
